PATH
  remote: .
  specs:
    solidus_categories (0.1.2)

GEM
  remote: https://rubygems.org/
  specs:
    rake (10.4.2)

PLATFORMS
  ruby

DEPENDENCIES
  bundler (~> 1.12)
  rake (~> 10.0)
  solidus_categories!

BUNDLED WITH
   1.12.2
